{
    "Manufacturer": "Philips",
    "PatientPosition": "HFS",
    "SeriesDescription": "ImageMRSERIES",
    "ProtocolName": "WIPT1anat_acq-6m_T1wSENSE",
    "SeriesNumber": 3,
    "AcquisitionNumber": 3,
    "ImageComments": "PIOP2",
    "PhilipsRescaleSlope": 8.15434,
    "PhilipsRescaleIntercept": 0,
    "PhilipsScaleSlope": 0.00758119,
    "UsePhilipsFloatNotDisplayScaling": 1,
    "EchoTime": 0.00385,
    "RepetitionTime": 0.008343,
    "ReconMatrixPE": 240,
    "ImageOrientationPatientDICOM": [
        0.996629,
        0.080905,
        0.0136336,
        -0.0772113,
        0.981062,
        -0.177638
    ],
    "ConversionSoftware": "dcm2niix",
    "ConversionSoftwareVersion": "v1.0.20181125  GCC6.3.0",
    "BidsifyVersion": "0.3.5"
}